PATH
  remote: .
  specs:
    json_resource (1.2.0)
      bigdecimal
      json

GEM
  remote: https://rubygems.org/
  specs:
    bigdecimal (3.1.8)
    byebug (11.1.3)
    io-console (0.5.9)
    irb (1.3.7)
      reline (>= 0.2.7)
    json (2.6.3)
    minitest (5.14.4)
    rake (13.0.6)
    reline (0.2.7)
      io-console (~> 0.5)

PLATFORMS
  ruby

DEPENDENCIES
  byebug
  irb
  json_resource!
  minitest
  rake
