PATH
  remote: .
  specs:
    json_resource (1.0.0)
      json

GEM
  remote: https://rubygems.org/
  specs:
    addressable (2.8.0)
      public_suffix (>= 2.0.2, < 5.0)
    byebug (11.1.3)
    crack (0.4.5)
      rexml
    hashdiff (1.0.1)
    io-console (0.5.9)
    irb (1.3.7)
      reline (>= 0.2.7)
    json (2.6.1)
    minitest (5.14.4)
    public_suffix (4.0.6)
    rake (13.0.6)
    reline (0.2.7)
      io-console (~> 0.5)
    rexml (3.2.5)
    webmock (3.14.0)
      addressable (>= 2.8.0)
      crack (>= 0.3.2)
      hashdiff (>= 0.4.0, < 2.0.0)

PLATFORMS
  ruby

DEPENDENCIES
  byebug
  irb
  json_resource!
  minitest
  rake
  webmock

BUNDLED WITH
   2.1.4
